GEM
  remote: https://rubygems.org/
  specs:
    rexml (3.1.9)

PLATFORMS
  ruby

DEPENDENCIES
  rexml

BUNDLED WITH
   1.16.1
