GEM
  remote: https://rubygems.org/
  specs:
    rexml (3.3.3)
      strscan
    strscan (3.1.0)

PLATFORMS
  ruby

DEPENDENCIES
  rexml

BUNDLED WITH
   1.16.1
